PATH
  remote: .
  specs:
    binks (0.0.3)
      nokogiri (>= 1.10.4)
      thor (>= 0.20.3)

GEM
  remote: https://rubygems.org/
  remote: https://gems.internal.mx/
  specs:
    ast (2.4.0)
    coderay (1.1.2)
    diff-lcs (1.3)
    docile (1.3.2)
    ffi (1.11.1-java)
    jaro_winkler (1.5.3)
    jaro_winkler (1.5.3-java)
    json (2.2.0)
    json (2.2.0-java)
    mad_rubocop (3.64.0)
      rubocop (~> 0.64.0)
    method_source (0.9.2)
    mini_portile2 (2.4.0)
    nokogiri (1.10.4)
      mini_portile2 (~> 2.4.0)
    parallel (1.18.0)
    parser (2.6.5.0)
      ast (~> 2.4.0)
    powerpack (0.1.2)
    pry (0.12.2)
      coderay (~> 1.1.0)
      method_source (~> 0.9.0)
    pry (0.12.2-java)
      coderay (~> 1.1.0)
      method_source (~> 0.9.0)
      spoon (~> 0.0)
    rainbow (3.0.0)
    rake (10.5.0)
    rb-readline (0.5.5)
    rspec (3.9.0)
      rspec-core (~> 3.9.0)
      rspec-expectations (~> 3.9.0)
      rspec-mocks (~> 3.9.0)
    rspec-core (3.9.0)
      rspec-support (~> 3.9.0)
    rspec-expectations (3.9.0)
      diff-lcs (>= 1.2.0, < 2.0)
      rspec-support (~> 3.9.0)
    rspec-mocks (3.9.0)
      diff-lcs (>= 1.2.0, < 2.0)
      rspec-support (~> 3.9.0)
    rspec-support (3.9.0)
    rubocop (0.64.0)
      jaro_winkler (~> 1.5.1)
      parallel (~> 1.10)
      parser (>= 2.5, != 2.5.1.1)
      powerpack (~> 0.1)
      rainbow (>= 2.2.2, < 4.0)
      ruby-progressbar (~> 1.7)
      unicode-display_width (~> 1.4.0)
    ruby-progressbar (1.10.1)
    simplecov (0.17.1)
      docile (~> 1.1)
      json (>= 1.8, < 3)
      simplecov-html (~> 0.10.0)
    simplecov-html (0.10.2)
    spoon (0.0.6)
      ffi
    thor (0.20.3)
    unicode-display_width (1.4.1)

PLATFORMS
  java
  ruby

DEPENDENCIES
  binks!
  bundler (>= 1.16.0)
  mad_rubocop
  pry
  rake (~> 10.0)
  rb-readline
  rspec (~> 3.0)
  simplecov

BUNDLED WITH
   1.17.1
